GEM
  remote: https://rubygems.org/
  specs:
    byebug (11.1.3)
    nio4r (2.5.7)
    puma (5.3.2)
      nio4r (~> 2.0)
    rack (2.2.3)
    sequel (5.42.0)
    slim (4.1.0)
      temple (>= 0.7.6, < 0.9)
      tilt (>= 2.0.6, < 2.1)
    sqlite3 (1.4.2)
    temple (0.8.2)
    tilt (2.0.10)

PLATFORMS
  ruby

DEPENDENCIES
  byebug
  puma
  rack
  sequel
  slim
  sqlite3

BUNDLED WITH
   2.1.2
